PATH
  remote: .
  specs:
    shoppe_customizable_products (0.0.1)

GEM
  remote: https://rubygems.org/
  specs:
    rake (10.4.2)

PLATFORMS
  ruby

DEPENDENCIES
  bundler (~> 1.7)
  rake (~> 10.0)
  shoppe_customizable_products!
